GEM
  remote: http://rubygems.org/
  specs:
    coinbase (4.1.0)

PLATFORMS
  ruby

DEPENDENCIES
  coinbase

BUNDLED WITH
   1.10.5
